GEM
  remote: https://rubygems.org/
  specs:
    blankslate (3.1.2)
    byebug (2.7.0)
      columnize (~> 0.3)
      debugger-linecache (~> 1.2)
    coderay (1.1.0)
    columnize (0.8.9)
    daemons (1.1.9)
    debugger-linecache (1.2.0)
    faraday (0.9.0)
      multipart-post (>= 1.2, < 3)
    ffi (1.9.3)
    jimson (0.10.0)
      blankslate (~> 3.1.2)
      multi_json (~> 1.7.6)
      rack (~> 1.4.5)
      rest-client (~> 1.6.7)
    jsonrpc-client (0.1.1)
      faraday
      multi_json (>= 1.1.0)
    method_source (0.8.2)
    mime-types (2.3)
    multi_json (1.7.9)
    multipart-post (2.0.0)
    mysql2 (0.3.16)
    pry (0.10.1)
      coderay (~> 1.1.0)
      method_source (~> 0.8.1)
      slop (~> 3.4)
    pry-byebug (1.3.3)
      byebug (~> 2.7)
      pry (~> 0.10)
    pry-remote (0.1.8)
      pry (~> 0.9)
      slop (~> 3.0)
    rack (1.4.5)
    rest-client (1.6.7)
      mime-types (>= 1.16)
    sequel (4.15.0)
    slop (3.6.0)
    sqlite3 (1.3.9)
    thread_safe (0.3.3)

PLATFORMS
  ruby

DEPENDENCIES
  daemons
  ffi
  jimson (~> 0.10.0)
  jsonrpc-client
  mysql2
  pry
  pry-byebug
  pry-remote
  sequel
  sqlite3
  thread_safe
