GEM
  remote: https://rubygems.org/
  specs:
    activesupport (4.1.6)
      i18n (~> 0.6, >= 0.6.9)
      json (~> 1.7, >= 1.7.7)
      minitest (~> 5.1)
      thread_safe (~> 0.1)
      tzinfo (~> 1.1)
    blankslate (3.1.2)
    byebug (2.7.0)
      columnize (~> 0.3)
      debugger-linecache (~> 1.2)
    coderay (1.1.0)
    columnize (0.8.9)
    daemons (1.1.9)
    database_cleaner (1.3.0)
    debugger-linecache (1.2.0)
    diff-lcs (1.2.5)
    factory_girl (4.5.0)
      activesupport (>= 3.0.0)
    faraday (0.9.0)
      multipart-post (>= 1.2, < 3)
    ffi (1.9.3)
    i18n (0.6.11)
    jimson (0.10.0)
      blankslate (~> 3.1.2)
      multi_json (~> 1.7.6)
      rack (~> 1.4.5)
      rest-client (~> 1.6.7)
    json (1.8.1)
    jsonrpc-client (0.1.1)
      faraday
      multi_json (>= 1.1.0)
    method_source (0.8.2)
    mime-types (2.3)
    minitest (5.4.3)
    multi_json (1.7.9)
    multipart-post (2.0.0)
    mysql2 (0.3.16)
    pry (0.10.1)
      coderay (~> 1.1.0)
      method_source (~> 0.8.1)
      slop (~> 3.4)
    pry-byebug (1.3.3)
      byebug (~> 2.7)
      pry (~> 0.10)
    pry-remote (0.1.8)
      pry (~> 0.9)
      slop (~> 3.0)
    rack (1.4.5)
    rake (10.3.2)
    rest-client (1.6.7)
      mime-types (>= 1.16)
    rspec (3.1.0)
      rspec-core (~> 3.1.0)
      rspec-expectations (~> 3.1.0)
      rspec-mocks (~> 3.1.0)
    rspec-core (3.1.7)
      rspec-support (~> 3.1.0)
    rspec-expectations (3.1.2)
      diff-lcs (>= 1.2.0, < 2.0)
      rspec-support (~> 3.1.0)
    rspec-mocks (3.1.3)
      rspec-support (~> 3.1.0)
    rspec-support (3.1.2)
    sequel (4.15.0)
    slop (3.6.0)
    sqlite3 (1.3.9)
    thread_safe (0.3.3)
    tzinfo (1.2.2)
      thread_safe (~> 0.1)

PLATFORMS
  ruby

DEPENDENCIES
  bundler
  daemons
  database_cleaner
  factory_girl
  ffi
  jimson (~> 0.10.0)
  jsonrpc-client
  mysql2
  pry
  pry-byebug
  pry-remote
  rake
  rspec
  sequel
  sqlite3
  thread_safe
